GEM
  remote: http://rubygems.org/
  remote: http://rubygems.org/
  specs:
    gdata_19 (1.1.5)

PLATFORMS
  ruby

DEPENDENCIES
  gdata_19
